GIT
  remote: https://github.com/makandra/rails.git
  revision: 88196166b464b4734ae2f92f8594499631c66721
  branch: 2-3-lts
  specs:
    actionmailer (2.3.18.20)
      actionpack (= 2.3.18.20)
    actionpack (2.3.18.20)
      activesupport (= 2.3.18.20)
      rack (< 1.5)
    activerecord (2.3.18.20)
      activesupport (= 2.3.18.20)
    activeresource (2.3.18.20)
      activesupport (= 2.3.18.20)
    activesupport (2.3.18.20)
    rails (2.3.18.20)
      actionmailer (= 2.3.18.20)
      actionpack (= 2.3.18.20)
      activerecord (= 2.3.18.20)
      activeresource (= 2.3.18.20)
      activesupport (= 2.3.18.20)
      railslts-version (= 2.3.18.20)
      railties (= 2.3.18.20)
    railslts-version (2.3.18.20)
    railties (2.3.18.20)
      actionpack (= 2.3.18.20)
      activesupport (= 2.3.18.20)
      rake (>= 0.8.3, < 11)

GEM
  remote: https://rubygems.org/
  specs:
    Ascii85 (1.0.3)
    afm (0.2.2)
    authlogic (2.1.5)
      activesupport
    awesome_print (1.2.0)
    daemons (1.2.6)
    eventmachine (1.2.7)
    haml (3.0.25)
    hashery (2.1.2)
    hoe (3.17.1)
      rake (>= 0.8, < 13.0)
    mysql2 (0.2.24)
    pdf-reader (2.1.0)
      Ascii85 (~> 1.0.0)
      afm (~> 0.2.1)
      hashery (~> 2.0)
      ruby-rc4
      ttfunk
    prawn (0.12.0)
      pdf-reader (>= 0.9.0)
      ttfunk (~> 1.0.2)
    rack (1.4.7)
    rake (10.1.0)
    random_data (1.5.2)
    rdoc (2.4.3)
    ruby-rc4 (0.1.5)
    searchlogic (2.5.8)
      activerecord (~> 2.3.12)
    test-unit (1.2.3)
      hoe (>= 1.5.1)
    thin (1.7.2)
      daemons (~> 1.0, >= 1.0.9)
      eventmachine (~> 1.0, >= 1.0.4)
      rack (>= 1, < 3)
    ttfunk (1.0.3)

PLATFORMS
  ruby

DEPENDENCIES
  actionmailer!
  actionpack!
  activerecord!
  activeresource!
  activesupport!
  authlogic (= 2.1.5)
  awesome_print (= 1.2.0)
  haml (~> 3.0.25)
  mysql2 (= 0.2.24)
  prawn (= 0.12.0)
  rails (~> 2.3.18)!
  railslts-version!
  railties!
  rake (= 10.1.0)
  random_data (= 1.5.2)
  rdoc (= 2.4.3)
  searchlogic (= 2.5.8)
  test-unit (= 1.2.3)
  thin

RUBY VERSION
   ruby 2.3.7p456

BUNDLED WITH
   1.16.5
